PATH
  remote: .
  specs:
    loadshedding (0.1.7)
      colorize (~> 0.7.7)
      highline (~> 1.7, >= 1.7.2)
      httparty (~> 0.13.7)
      thor (~> 0.19.1)
      time_diff (~> 0.3.0)

GEM
  remote: http://rubygems.org/
  specs:
    activesupport (4.2.6)
      i18n (~> 0.7)
      json (~> 1.7, >= 1.7.7)
      minitest (~> 5.1)
      thread_safe (~> 0.3, >= 0.3.4)
      tzinfo (~> 1.1)
    coderay (1.1.1)
    colorize (0.7.7)
    highline (1.7.8)
    httparty (0.13.7)
      json (~> 1.8)
      multi_xml (>= 0.5.2)
    i18n (0.7.0)
    json (1.8.3)
    method_source (0.8.2)
    minitest (5.8.4)
    multi_xml (0.5.5)
    pry (0.10.3)
      coderay (~> 1.1.0)
      method_source (~> 0.8.1)
      slop (~> 3.4)
    slop (3.6.0)
    thor (0.19.1)
    thread_safe (0.3.5)
    time_diff (0.3.0)
      activesupport
      i18n
    tzinfo (1.2.2)
      thread_safe (~> 0.1)

PLATFORMS
  ruby

DEPENDENCIES
  loadshedding!
  pry

BUNDLED WITH
   1.11.2
